PATH
  remote: .
  specs:
    iyfe_palindrome (0.2.0)

GEM
  remote: https://rubygems.org/
  specs:
    ansi (1.5.0)
    builder (3.2.4)
    minitest (5.14.0)
    minitest-reporters (1.0.20)
      ansi
      builder
      minitest (>= 5.0)
      ruby-progressbar
    rake (12.3.3)
    ruby-progressbar (1.10.1)

PLATFORMS
  ruby

DEPENDENCIES
  bundler (~> 2.1.4)
  iyfe_palindrome!
  minitest (~> 5.0)
  minitest-reporters (~> 1.0.19)
  rake (~> 12.3)

BUNDLED WITH
   2.1.4
